GEM
  remote: http://rubygems.org/
  specs:
    diff-lcs (1.2.4)
    highline (1.6.19)
    rspec (2.13.0)
      rspec-core (~> 2.13.0)
      rspec-expectations (~> 2.13.0)
      rspec-mocks (~> 2.13.0)
    rspec-core (2.13.1)
    rspec-expectations (2.13.0)
      diff-lcs (>= 1.1.3, < 2.0)
    rspec-mocks (2.13.1)

PLATFORMS
  ruby

DEPENDENCIES
  highline
  rspec
  rspec-core
  rspec-expectations
